GIT
  remote: git://github.com/final-ci/test-aggregation.git
  revision: 9942c1d0ce3baf9aa2b89ad108b3965e616308a1
  specs:
    test-aggregation (0.1.0)

GIT
  remote: git://github.com/final-ci/travis-config.git
  revision: e4d915685dbd714166c2052e94565832518b7171
  specs:
    travis-config (0.1.1)
      hashr (~> 0.0)

GIT
  remote: git://github.com/final-ci/travis-sidekiqs.git
  revision: e3dce4adcd41d72b87cca903a7e419af17bc258c
  specs:
    travis-sidekiqs (0.0.1)
      sidekiq

GIT
  remote: git://github.com/final-ci/travis-support.git
  revision: 19393c31c291b045a83ddb0a68818e68819ffc93
  specs:
    travis-support (0.0.1)

GIT
  remote: git://github.com/utgarda/sidekiq-status.git
  revision: e77d5dc2ea0a249ccbbafead21ece59d6b8caf73
  ref: e77d5dc2ea0a249ccbbafead21ece59d6b8caf73
  specs:
    sidekiq-status (0.5.3)
      sidekiq (>= 2.7)

PATH
  remote: ../travis-core
  specs:
    travis-core (0.0.1)
      actionmailer (~> 3.2.19)
      activerecord (~> 3.2.19)
      coder (~> 0.4.0)
      data_migrations (~> 0.0.1)
      gh
      hashr (~> 0.0.19)
      metriks (~> 0.9.7)
      multi_json
      pusher (~> 0.14.0)
      railties (~> 3.2.19)
      rake
      redis (~> 3.0)
      rollout (~> 1.1.0)
      s3 (~> 0.3)
      simple_states (~> 1.0.0)
      thor (~> 0.14.6)
      virtus (~> 1.0.0)

GEM
  remote: https://rubygems.org/
  specs:
    actionmailer (3.2.22)
      actionpack (= 3.2.22)
      mail (~> 2.5.4)
    actionpack (3.2.22)
      activemodel (= 3.2.22)
      activesupport (= 3.2.22)
      builder (~> 3.0.0)
      erubis (~> 2.7.0)
      journey (~> 1.0.4)
      rack (~> 1.4.5)
      rack-cache (~> 1.2)
      rack-test (~> 0.6.1)
      sprockets (~> 2.2.1)
    activemodel (3.2.22)
      activesupport (= 3.2.22)
      builder (~> 3.0.0)
    activerecord (3.2.22)
      activemodel (= 3.2.22)
      activesupport (= 3.2.22)
      arel (~> 3.0.2)
      tzinfo (~> 0.3.29)
    activesupport (3.2.22)
      i18n (~> 0.6, >= 0.6.4)
      multi_json (~> 1.0)
    addressable (2.3.8)
    amq-protocol (1.9.2)
    arel (3.0.3)
    atomic (1.1.99)
    avl_tree (1.2.1)
      atomic (~> 1.1)
    axiom-types (0.1.1)
      descendants_tracker (~> 0.0.4)
      ice_nine (~> 0.11.0)
      thread_safe (~> 0.3, >= 0.3.1)
    backports (3.6.6)
    builder (3.0.4)
    bunny (1.7.0)
      amq-protocol (>= 1.9.2)
    celluloid (0.16.0)
      timers (~> 4.0.0)
    coder (0.4.0)
    coderay (1.1.0)
    coercible (1.0.0)
      descendants_tracker (~> 0.0.1)
    connection_pool (2.2.0)
    data_migrations (0.0.1)
      activerecord
      rake
    database_cleaner (1.4.1)
    descendants_tracker (0.0.4)
      thread_safe (~> 0.3, >= 0.3.1)
    diff-lcs (1.2.5)
    equalizer (0.0.11)
    erubis (2.7.0)
    factory_girl (2.6.4)
      activesupport (>= 2.3.9)
    fakefs (0.6.7)
    faraday (0.9.1)
      multipart-post (>= 1.2, < 3)
    ffi (1.9.10)
    gh (0.14.0)
      addressable
      backports
      faraday (~> 0.8)
      multi_json (~> 1.0)
      net-http-persistent (>= 2.7)
      net-http-pipeline
    git-version-bump (0.15.1)
    hashr (0.0.22)
    hike (1.2.3)
    hitimes (1.2.2)
    httpclient (2.7.1)
    i18n (0.7.0)
    ice_nine (0.11.2)
    journey (1.0.4)
    json (1.8.3)
    kgio (2.9.3)
    listen (2.10.1)
      celluloid (~> 0.16.0)
      rb-fsevent (>= 0.9.3)
      rb-inotify (>= 0.9)
    mail (2.5.4)
      mime-types (~> 1.16)
      treetop (~> 1.4.8)
    method_source (0.8.2)
    metriks (0.9.9.7)
      atomic (~> 1.0)
      avl_tree (~> 1.2.0)
      hitimes (~> 1.1)
    metriks-librato_metrics (1.0.3)
      metriks (>= 0.9.9.6)
    micro_migrations (0.0.2)
      activerecord
      railties
    mime-types (1.25.1)
    multi_json (1.11.2)
    multipart-post (2.0.0)
    net-http-persistent (2.9.4)
    net-http-pipeline (1.0.1)
    pg (0.18.2)
    polyglot (0.3.5)
    proxies (0.2.1)
    pry (0.10.3)
      coderay (~> 1.1.0)
      method_source (~> 0.8.1)
      slop (~> 3.4)
    pry-doc (0.8.0)
      pry (~> 0.9)
      yard (~> 0.8)
    pusher (0.14.6)
      httpclient (~> 2.5)
      multi_json (~> 1.0)
      pusher-signature (~> 0.1.8)
    pusher-signature (0.1.8)
    rack (1.4.7)
    rack-cache (1.2)
      rack (>= 0.4)
    rack-contrib (1.3.0)
      git-version-bump (~> 0.15)
      rack (~> 1.4)
    rack-protection (1.5.3)
      rack
    rack-ssl (1.3.4)
      rack
    rack-test (0.6.3)
      rack (>= 1.0)
    railties (3.2.22)
      actionpack (= 3.2.22)
      activesupport (= 3.2.22)
      rack-ssl (~> 1.3.2)
      rake (>= 0.8.7)
      rdoc (~> 3.4)
      thor (>= 0.14.6, < 2.0)
    raindrops (0.14.0)
    rake (10.4.2)
    rb-fsevent (0.9.5)
    rb-inotify (0.9.5)
      ffi (>= 0.5.0)
    rdoc (3.12.2)
      json (~> 1.4)
    redis (3.2.1)
    redis-namespace (1.5.2)
      redis (~> 3.0, >= 3.0.4)
    rerun (0.10.0)
      listen (~> 2.7, >= 2.7.3)
    rollout (1.1.0)
    rspec (3.3.0)
      rspec-core (~> 3.3.0)
      rspec-expectations (~> 3.3.0)
      rspec-mocks (~> 3.3.0)
    rspec-core (3.3.1)
      rspec-support (~> 3.3.0)
    rspec-expectations (3.3.0)
      diff-lcs (>= 1.2.0, < 2.0)
      rspec-support (~> 3.3.0)
    rspec-mocks (3.3.1)
      diff-lcs (>= 1.2.0, < 2.0)
      rspec-support (~> 3.3.0)
    rspec-support (3.3.0)
    s3 (0.3.24)
      proxies (~> 0.2.0)
    sentry-raven (0.13.3)
      faraday (>= 0.7.6)
    sidekiq (3.4.1)
      celluloid (~> 0.16.0)
      connection_pool (>= 2.1.1)
      json
      redis (>= 3.0.6)
      redis-namespace (>= 1.3.1)
    simple_states (1.0.1)
      activesupport
      hashr (~> 0.0.10)
    sinatra (1.4.6)
      rack (~> 1.4)
      rack-protection (~> 1.4)
      tilt (>= 1.3, < 3)
    sinatra-contrib (1.4.6)
      backports (>= 2.0)
      multi_json
      rack-protection
      rack-test
      sinatra (~> 1.4.0)
      tilt (>= 1.3, < 3)
    slop (3.6.0)
    sprockets (2.2.3)
      hike (~> 1.2)
      multi_json (~> 1.0)
      rack (~> 1.0)
      tilt (~> 1.1, != 1.3.0)
    stash-client (0.1.0)
      addressable
      faraday
    thor (0.14.6)
    thread_safe (0.3.5)
    tilt (1.4.1)
    timers (4.0.1)
      hitimes
    treetop (1.4.15)
      polyglot
      polyglot (>= 0.3.1)
    tzinfo (0.3.44)
    unicorn (4.9.0)
      kgio (~> 2.6)
      rack
      raindrops (~> 0.7)
    virtus (1.0.5)
      axiom-types (~> 0.1)
      coercible (~> 1.0)
      descendants_tracker (~> 0.0, >= 0.0.3)
      equalizer (~> 0.0, >= 0.0.9)
    yard (0.8.7.6)

PLATFORMS
  ruby

DEPENDENCIES
  activesupport
  bunny
  connection_pool
  database_cleaner (~> 1.4.1)
  factory_girl (~> 2.6.0)
  fakefs
  method_source
  metriks
  metriks-librato_metrics
  micro_migrations
  pg
  pry
  pry-doc
  rack
  rack-contrib
  rerun
  rspec
  sentry-raven
  sidekiq-status!
  sinatra (~> 1.4.6)
  sinatra-contrib (~> 1.4.4)
  stash-client
  test-aggregation!
  travis-config!
  travis-core!
  travis-sidekiqs!
  travis-support!
  unicorn

BUNDLED WITH
   1.11.2
